GEM
  remote: https://rubygems.org/
  specs:
    power_assert (2.0.3)
    test-unit (3.6.2)
      power_assert

PLATFORMS
  x86_64-linux

DEPENDENCIES
  test-unit

BUNDLED WITH
   2.3.7
